GEM
  remote: https://rubygems.org/
  specs:
    actionmailer (2.3.18)
      actionpack (= 2.3.18)
    actionpack (2.3.18)
      activesupport (= 2.3.18)
      rack (~> 1.1.0)
    activerecord (2.3.18)
      activesupport (= 2.3.18)
    activeresource (2.3.18)
      activesupport (= 2.3.18)
    activesupport (2.3.18)
    calendar_date_select (1.16.1)
    cgi_multipart_eof_fix (2.5.0)
    chardet (0.9.0)
    cocaine (0.3.2)
    daemons (1.1.9)
    declarative_authorization (0.5.7)
    diff-lcs (1.2.5)
    fastthread (1.0.7)
    gem_plugin (0.2.3)
    has_and_belongs_to_many_with_deferred_save (0.2.0)
      activerecord
    hoe (3.13.0)
      rake (>= 0.8, < 11.0)
    html5 (0.10.0)
      chardet (>= 0.9.0)
      hoe (>= 1.2.0)
    i18n (0.4.2)
    in_place_editing (1.2.0)
    mime-types (1.17)
    mongrel (1.1.5)
      cgi_multipart_eof_fix (>= 2.4)
      daemons (>= 1.0.3)
      fastthread (>= 1.0.1)
      gem_plugin (>= 0.2.3)
    mysql (2.9.1)
    nokogiri (1.4.2)
    paperclip (2.7.5)
      activerecord (>= 2.3.0)
      activesupport (>= 2.3.2)
      cocaine (~> 0.3.0)
      mime-types
    rack (1.1.6)
    rails (2.3.18)
      actionmailer (= 2.3.18)
      actionpack (= 2.3.18)
      activerecord (= 2.3.18)
      activeresource (= 2.3.18)
      activesupport (= 2.3.18)
      rake (>= 0.8.3)
    rake (0.8.7)
    rspec (3.1.0)
      rspec-core (~> 3.1.0)
      rspec-expectations (~> 3.1.0)
      rspec-mocks (~> 3.1.0)
    rspec-core (3.1.7)
      rspec-support (~> 3.1.0)
    rspec-expectations (3.1.2)
      diff-lcs (>= 1.2.0, < 2.0)
      rspec-support (~> 3.1.0)
    rspec-mocks (3.1.3)
      rspec-support (~> 3.1.0)
    rspec-support (3.1.2)
    rush (0.4.2)
      mongrel
      session
    searchlogic (2.5.8)
      activerecord (~> 2.3.12)
      activerecord (~> 2.3.12)
    session (3.2.0)
    translator (1.0.0)
    wicked_pdf (0.7.0)
    will_paginate (2.3.16)
    xss_terminate (0.22)
      html5 (>= 0.10.0)

PLATFORMS
  ruby

DEPENDENCIES
  calendar_date_select (= 1.16.1)
  declarative_authorization (~> 0.5.1)
  has_and_belongs_to_many_with_deferred_save (= 0.2.0)
  i18n (~> 0.4.2)
  in_place_editing
  mime-types (= 1.17)
  mysql
  nokogiri (= 1.4.2)
  paperclip (= 2.7.5)
  rails (= 2.3.18)
  rake (~> 0.8.7)
  rspec
  rush (~> 0.4.2)
  searchlogic (= 2.5.8)
  translator (= 1.0.0)
  wicked_pdf (= 0.7.0)
  will_paginate (= 2.3.16)
  xss_terminate
